GEM
  remote: https://rubygems.org/
  specs:
    activemodel (5.2.2)
      activesupport (= 5.2.2)
    activerecord (5.2.2)
      activemodel (= 5.2.2)
      activesupport (= 5.2.2)
      arel (>= 9.0)
    activesupport (5.2.2)
      concurrent-ruby (~> 1.0, >= 1.0.2)
      i18n (>= 0.7, < 2)
      minitest (~> 5.1)
      tzinfo (~> 1.1)
    ansi (1.5.0)
    arel (9.0.0)
    backports (3.11.4)
    bcrypt (3.1.12)
    bundle-audit (0.1.0)
      bundler-audit
    bundler-audit (0.6.0)
      bundler (~> 1.2)
      thor (~> 0.18)
    concurrent-ruby (1.1.4)
    coveralls (0.7.1)
      multi_json (~> 1.3)
      rest-client
      simplecov (>= 0.7)
      term-ansicolor
      thor
    database_cleaner (1.7.0)
    diff-lcs (1.3)
    docile (1.3.1)
    domain_name (0.5.20180417)
      unf (>= 0.0.5, < 1.0.0)
    dotenv (0.7.0)
    factory_bot (4.11.1)
      activesupport (>= 3.0.0)
    faraday (0.15.4)
      multipart-post (>= 1.2, < 3)
    foreman (0.64.0)
      dotenv (~> 0.7.0)
      thor (>= 0.13.6)
    hirb (0.7.3)
    http-cookie (1.0.3)
      domain_name (~> 0.5)
    i18n (1.3.0)
      concurrent-ruby (~> 1.0)
    json (2.1.0)
    jwt (2.1.0)
    mime-types (3.2.2)
      mime-types-data (~> 3.2015)
    mime-types-data (3.2018.0812)
    minitest (5.11.3)
    multi_json (1.13.1)
    multipart-post (2.0.0)
    mustermann (1.0.3)
    mysql2 (0.5.2)
    netrc (0.11.0)
    pg (1.1.3)
    puma (3.12.0)
    rack (2.0.6)
    rack-protection (2.0.5)
      rack
    rack-test (1.1.0)
      rack (>= 1.0, < 3)
    rake (12.3.2)
    rest-client (2.0.2)
      http-cookie (>= 1.0.2, < 2.0)
      mime-types (>= 1.16, < 4.0)
      netrc (~> 0.8)
    rspec (3.8.0)
      rspec-core (~> 3.8.0)
      rspec-expectations (~> 3.8.0)
      rspec-mocks (~> 3.8.0)
    rspec-core (3.8.0)
      rspec-support (~> 3.8.0)
    rspec-expectations (3.8.2)
      diff-lcs (>= 1.2.0, < 2.0)
      rspec-support (~> 3.8.0)
    rspec-mocks (3.8.0)
      diff-lcs (>= 1.2.0, < 2.0)
      rspec-support (~> 3.8.0)
    rspec-support (3.8.0)
    sentry-raven (2.7.4)
      faraday (>= 0.7.6, < 1.0)
    simplecov (0.16.1)
      docile (~> 1.1)
      json (>= 1.8, < 3)
      simplecov-html (~> 0.10.0)
    simplecov-console (0.4.2)
      ansi
      hirb
      simplecov
    simplecov-html (0.10.2)
    sinatra (2.0.5)
      mustermann (~> 1.0)
      rack (~> 2.0)
      rack-protection (= 2.0.5)
      tilt (~> 2.0)
    sinatra-activerecord (2.0.13)
      activerecord (>= 3.2)
      sinatra (>= 1.0)
    sinatra-contrib (2.0.5)
      backports (>= 2.8.2)
      multi_json
      mustermann (~> 1.0)
      rack-protection (= 2.0.5)
      sinatra (= 2.0.5)
      tilt (>= 1.3, < 3)
    term-ansicolor (1.7.0)
      tins (~> 1.0)
    thor (0.20.3)
    thread_safe (0.3.6)
    tilt (2.0.9)
    tins (1.20.2)
    tzinfo (1.2.5)
      thread_safe (~> 0.1)
    unf (0.1.4)
      unf_ext
    unf_ext (0.0.7.5)

PLATFORMS
  ruby

DEPENDENCIES
  activerecord (~> 5.2.2)
  activesupport (~> 5.2.2)
  bcrypt (~> 3.1.12)
  bundle-audit (~> 0.1.0)
  coveralls
  database_cleaner (~> 1.7.0)
  factory_bot (~> 4.11.1)
  foreman (~> 0.64.0)
  json (~> 2.1.0)
  jwt (~> 2.1.0)
  mysql2 (~> 0.5.2)
  pg (~> 1.1.3)
  puma (~> 3.12)
  rack (~> 2.0.6)
  rack-protection (~> 2.0.5)
  rack-test (~> 1.1.0)
  rake (~> 12.3.2)
  rspec (~> 3.8.0)
  sentry-raven (~> 2.7.4)
  simplecov
  simplecov-console
  sinatra (~> 2.0.4)
  sinatra-activerecord (~> 2.0.13)
  sinatra-contrib (~> 2.0.4)

BUNDLED WITH
   1.17.2
